GEM
  remote: https://gems.ruby-china.org/
  specs:
    activemodel (5.0.0.1)
      activesupport (= 5.0.0.1)
    activesupport (5.0.0.1)
      concurrent-ruby (~> 1.0, >= 1.0.2)
      i18n (~> 0.7)
      minitest (~> 5.1)
      tzinfo (~> 1.1)
    axiom-types (0.1.1)
      descendants_tracker (~> 0.0.4)
      ice_nine (~> 0.11.0)
      thread_safe (~> 0.3, >= 0.3.1)
    byebug (4.0.5)
      columnize (= 0.9.0)
    coderay (1.1.1)
    coercible (1.0.0)
      descendants_tracker (~> 0.0.1)
    columnize (0.9.0)
    concurrent-ruby (1.0.2)
    csv-importer (0.3.1)
      virtus
    descendants_tracker (0.0.4)
      thread_safe (~> 0.3, >= 0.3.1)
    equalizer (0.0.11)
    highline (1.7.8)
    i18n (0.7.0)
    ice_nine (0.11.2)
    importex (0.1.1)
      spreadsheet (>= 0.6.4.1)
    json-write-stream (1.1.0)
      json_pure (~> 1.8.0)
    json_pure (1.8.3)
    macaddr (1.7.1)
      systemu (~> 2.6.2)
    method_source (0.8.2)
    minitest (5.9.0)
    options (2.3.2)
    progress_bar (1.0.5)
      highline (~> 1.6)
      options (~> 2.3.0)
    pry (0.10.3)
      coderay (~> 1.1.0)
      method_source (~> 0.8.1)
      slop (~> 3.4)
    pry-byebug (3.1.0)
      byebug (~> 4.0)
      pry (~> 0.10)
    redis (3.3.1)
    redis_orm (0.7)
      activemodel (>= 3.0.0)
      activesupport (>= 3.0.0)
      redis (>= 2.2.0)
      uuid (>= 2.3.2)
    ruby-ole (1.2.12)
    slop (3.6.0)
    smarter_csv (1.1.0)
    spreadsheet (1.1.3)
      ruby-ole (>= 1.0)
    systemu (2.6.5)
    thread_safe (0.3.5)
    tzinfo (1.2.2)
      thread_safe (~> 0.1)
    uuid (2.3.8)
      macaddr (~> 1.0)
    virtus (1.0.5)
      axiom-types (~> 0.1)
      coercible (~> 1.0)
      descendants_tracker (~> 0.0, >= 0.0.3)
      equalizer (~> 0.0, >= 0.0.9)

PLATFORMS
  ruby

DEPENDENCIES
  activesupport
  csv-importer
  importex
  json-write-stream
  progress_bar
  pry
  pry-byebug
  redis
  redis_orm
  smarter_csv

BUNDLED WITH
   1.12.5
